GEM
  remote: https://rubygems.org/
  specs:
    activesupport (5.2.4.4)
      concurrent-ruby (~> 1.0, >= 1.0.2)
      i18n (>= 0.7, < 2)
      minitest (~> 5.1)
      tzinfo (~> 1.1)
    atlassian-jwt (0.2.0)
      jwt (~> 2.1.0)
    coderay (1.1.3)
    colorize (0.8.1)
    concurrent-ruby (1.1.7)
    dotenv (2.7.6)
    holiday_japan (1.4.4)
    i18n (1.8.7)
      concurrent-ruby (~> 1.0)
    jira-ruby (2.1.4)
      activesupport
      atlassian-jwt
      multipart-post
      oauth (~> 0.5, >= 0.5.0)
    jwt (2.1.0)
    method_source (1.0.0)
    minitest (5.14.2)
    multipart-post (2.1.1)
    oauth (0.5.4)
    pry (0.13.1)
      coderay (~> 1.1)
      method_source (~> 1.0)
    terminal-table (2.0.0)
      unicode-display_width (~> 1.1, >= 1.1.1)
    thread_safe (0.3.6)
    tzinfo (1.2.9)
      thread_safe (~> 0.1)
    unicode-display_width (1.7.0)

PLATFORMS
  ruby

DEPENDENCIES
  activesupport
  colorize
  dotenv
  holiday_japan
  jira-ruby
  pry
  terminal-table

BUNDLED WITH
   2.1.4
